PATH
  remote: .
  specs:
    ruby_onvif_client (0.0.2)
      activesupport
      akami
      em-http-request
      em_ws_discovery

GEM
  remote: http://rubygems.org/
  specs:
    activesupport (4.0.0)
      i18n (~> 0.6, >= 0.6.4)
      minitest (~> 4.2)
      multi_json (~> 1.3)
      thread_safe (~> 0.1)
      tzinfo (~> 0.3.37)
    addressable (2.3.5)
    akami (1.2.0)
      gyoku (>= 0.4.0)
      nokogiri (>= 1.4.0)
    atomic (1.1.10)
    builder (3.2.2)
    cookiejar (0.3.0)
    em-http-request (1.1.0)
      addressable (>= 2.3.4)
      cookiejar
      em-socksify (>= 0.3)
      eventmachine (>= 1.0.3)
      http_parser.rb (>= 0.6.0.beta.2)
    em-socksify (0.3.0)
      eventmachine (>= 1.0.0.beta.4)
    em_ws_discovery (0.0.2)
      builder
      eventmachine
      log_switch (>= 0.1.4)
      nokogiri
      nori (>= 2.0.0)
      uuid
    eventmachine (1.0.3)
    gyoku (1.0.0)
      builder (>= 2.1.2)
    http_parser.rb (0.6.0.beta.2)
    i18n (0.6.4)
    log_switch (0.4.0)
    macaddr (1.6.1)
      systemu (~> 2.5.0)
    mini_portile (0.5.0)
    minitest (4.7.5)
    multi_json (1.7.7)
    nokogiri (1.6.0)
      mini_portile (~> 0.5.0)
    nori (2.2.0)
    systemu (2.5.2)
    thread_safe (0.1.0)
      atomic
    tzinfo (0.3.37)
    uuid (2.3.7)
      macaddr (~> 1.0)

PLATFORMS
  ruby

DEPENDENCIES
  ruby_onvif_client!
